GEM
  remote: http://rubygems.org/
  specs:
    minitest (2.10.1)

PLATFORMS
  ruby

DEPENDENCIES
  minitest
